PATH
  remote: .
  specs:
    maestro_plugin (0.0.1)
      json (>= 1.4.6)
      logging (= 1.8.0)
      rubyzip (= 0.9.8)

GEM
  remote: https://rubygems.org/
  specs:
    bouncy-castle-java (1.5.0147)
    diff-lcs (1.1.3)
    faraday (0.8.7)
      multipart-post (~> 1.1)
    faraday_middleware (0.9.0)
      faraday (>= 0.7.4, < 0.9)
    gemfury (0.4.14)
      faraday (>= 0.7.4, < 0.9)
      faraday_middleware (>= 0.7, < 0.10)
      highline (~> 1.6.0)
      multi_json (>= 1.0.2, < 1.7)
      thor (>= 0.14.0, < 1.0)
    highline (1.6.16)
    jruby-openssl (0.8.7)
      bouncy-castle-java (>= 1.5.0147)
    json (1.7.7-java)
    little-plugger (1.1.3)
    logging (1.8.0)
      little-plugger (>= 1.1.3)
      multi_json (>= 1.3.6)
    multi_json (1.3.6)
    multipart-post (1.2.0)
    rake (10.0.4)
    rspec (2.7.0)
      rspec-core (~> 2.7.0)
      rspec-expectations (~> 2.7.0)
      rspec-mocks (~> 2.7.0)
    rspec-core (2.7.0)
    rspec-expectations (2.7.0)
      diff-lcs (~> 1.1.2)
    rspec-mocks (2.7.0)
    rubyzip (0.9.8)
    thor (0.18.0)

PLATFORMS
  java
  ruby

DEPENDENCIES
  bundler (~> 1.3)
  gemfury (~> 0.4.9)
  jruby-openssl
  maestro_plugin!
  rake
  rspec (= 2.7.0)
